GEM
  remote: https://rubygems.org/
  specs:
    cheatset (1.3.1)
      haml
      plist
      redcarpet
      rouge
      sanitize
      sqlite3
      thor
      unindent
    crass (1.0.1)
    haml (4.0.6)
      tilt
    mini_portile (0.6.2)
    nokogiri (1.6.6.2)
      mini_portile (~> 0.6.0)
    nokogumbo (1.2.0)
      nokogiri
    plist (3.1.0)
    redcarpet (3.2.2)
    rouge (1.8.0)
    sanitize (3.1.2)
      crass (~> 1.0.1)
      nokogiri (>= 1.4.4)
      nokogumbo (= 1.2.0)
    sqlite3 (1.3.10)
    thor (0.19.1)
    tilt (2.0.1)
    unindent (1.0)

PLATFORMS
  ruby

DEPENDENCIES
  cheatset
